GEM
  remote: https://rubygems.org/
  specs:
    diff-lcs (1.2.5)
    redis (3.1.0)
    rspec-core (3.1.7)
      rspec-support (~> 3.1.0)
    rspec-expectations (3.1.2)
      diff-lcs (>= 1.2.0, < 2.0)
      rspec-support (~> 3.1.0)
    rspec-support (3.1.2)
    timecop (0.7.1)

PLATFORMS
  ruby

DEPENDENCIES
  redis (~> 3.1)
  rspec-core (~> 3.1)
  rspec-expectations (~> 3.1.2)
  timecop (~> 0.7.1)
